PATH
  remote: .
  specs:
    function_parser (0.0.3)
      activesupport (~> 3.2)

GEM
  remote: https://rubygems.org/
  specs:
    activesupport (3.2.22.5)
      i18n (~> 0.6, >= 0.6.4)
      multi_json (~> 1.0)
    coderay (1.1.3)
    concurrent-ruby (1.1.10)
    i18n (0.9.5)
      concurrent-ruby (~> 1.0)
    method_source (1.0.0)
    multi_json (1.15.0)
    pry (0.14.1)
      coderay (~> 1.1)
      method_source (~> 1.0)
    rake (10.5.0)

PLATFORMS
  -darwin-21

DEPENDENCIES
  function_parser!
  pry
  rake (~> 10)

BUNDLED WITH
   2.3.23
